GEM
  remote: http://rubygems.org/
  specs:
    gosu (0.7.50)
    rmagick (2.15.4)

PLATFORMS
  ruby

DEPENDENCIES
  gosu
  rmagick

BUNDLED WITH
   1.10.6
